GEM
  remote: http://rubygems.org/
  specs:
    aaronh-chronic (0.3.9)
    abstract (1.0.0)
    actionmailer (3.0.3)
      actionpack (= 3.0.3)
      mail (~> 2.2.9)
    actionpack (3.0.3)
      activemodel (= 3.0.3)
      activesupport (= 3.0.3)
      builder (~> 2.1.2)
      erubis (~> 2.6.6)
      i18n (~> 0.4)
      rack (~> 1.2.1)
      rack-mount (~> 0.6.13)
      rack-test (~> 0.5.6)
      tzinfo (~> 0.3.23)
    activemodel (3.0.3)
      activesupport (= 3.0.3)
      builder (~> 2.1.2)
      i18n (~> 0.4)
    activerecord (3.0.3)
      activemodel (= 3.0.3)
      activesupport (= 3.0.3)
      arel (~> 2.0.2)
      tzinfo (~> 0.3.23)
    activeresource (3.0.3)
      activemodel (= 3.0.3)
      activesupport (= 3.0.3)
    activesupport (3.0.3)
    arel (2.0.7)
    authlogic (2.1.6)
      activesupport
    builder (2.1.2)
    cancan (1.5.0)
    dynamic_form (1.1.3)
    erubis (2.6.6)
      abstract (>= 1.0.0)
    factory_girl (1.3.3)
    faker (0.9.4)
      i18n (~> 0.4)
    formtastic (1.2.3)
      actionpack (>= 2.3.7)
      activesupport (>= 2.3.7)
      i18n (~> 0.4)
    i18n (0.5.0)
    mail (2.2.14)
      activesupport (>= 2.3.6)
      i18n (>= 0.4.0)
      mime-types (~> 1.16)
      treetop (~> 1.4.8)
    mime-types (1.16)
    paperclip (2.3.8)
      activerecord
      activesupport
    polyglot (0.3.1)
    populator (0.2.5)
    rack (1.2.1)
    rack-mount (0.6.13)
      rack (>= 1.0.0)
    rack-test (0.5.7)
      rack (>= 1.0)
    rails (3.0.3)
      actionmailer (= 3.0.3)
      actionpack (= 3.0.3)
      activerecord (= 3.0.3)
      activeresource (= 3.0.3)
      activesupport (= 3.0.3)
      bundler (~> 1.0)
      railties (= 3.0.3)
    railties (3.0.3)
      actionpack (= 3.0.3)
      activesupport (= 3.0.3)
      rake (>= 0.8.7)
      thor (~> 0.14.4)
    rake (0.8.7)
    shoulda (2.11.3)
    sqlite3-ruby (1.3.2)
    thor (0.14.6)
    treetop (1.4.9)
      polyglot (>= 0.3.1)
    tzinfo (0.3.23)
    will_paginate (2.3.15)

PLATFORMS
  ruby

DEPENDENCIES
  aaronh-chronic
  authlogic
  cancan
  dynamic_form
  factory_girl
  faker
  formtastic
  paperclip
  populator
  rails (= 3.0.3)
  shoulda
  sqlite3-ruby
  will_paginate
